GEM
  remote: https://rubygems.org/
  specs:
    rbczmq (1.7.9)

PLATFORMS
  ruby

DEPENDENCIES
  rbczmq (= 1.7.9)

BUNDLED WITH
   1.12.5
